PATH
  remote: .
  specs:
    smartystreets (0.1.20141107.14.41.49)
      awesome_print
      httparty
      lazy_loader
      multi_json

GEM
  remote: https://rubygems.org/
  specs:
    awesome_print (1.8.0)
    diff-lcs (1.3)
    docile (1.1.5)
    httparty (0.15.6)
      multi_xml (>= 0.5.2)
    json (2.1.0)
    json (2.1.0-java)
    lazy_loader (2.0.20140328.22.37.12)
    multi_json (1.12.2)
    multi_xml (0.6.0)
    rake (12.1.0)
    rspec (3.6.0)
      rspec-core (~> 3.6.0)
      rspec-expectations (~> 3.6.0)
      rspec-mocks (~> 3.6.0)
    rspec-core (3.6.0)
      rspec-support (~> 3.6.0)
    rspec-expectations (3.6.0)
      diff-lcs (>= 1.2.0, < 2.0)
      rspec-support (~> 3.6.0)
    rspec-mocks (3.6.0)
      diff-lcs (>= 1.2.0, < 2.0)
      rspec-support (~> 3.6.0)
    rspec-support (3.6.0)
    simplecov (0.15.1)
      docile (~> 1.1.0)
      json (>= 1.8, < 3)
      simplecov-html (~> 0.10.0)
    simplecov-html (0.10.2)
    yard (0.9.9)

PLATFORMS
  java
  ruby

DEPENDENCIES
  rake
  rspec
  simplecov
  smartystreets!
  yard

BUNDLED WITH
   1.15.4
